FRAMEWORK: >= NET46
NUGET
  remote: https://www.nuget.org/api/v2
    ApprovalTests (3.0.13)
      ApprovalUtilities (>= 3.0.13)
    ApprovalUtilities (3.0.13)
    FAKE (4.45.1)
    FluentAssertions (4.17)
    xunit (2.1)
      xunit.assert (2.1)
      xunit.core (2.1)
    xunit.abstractions (2.0)
    xunit.assert (2.1)
    xunit.core (2.1)
      xunit.extensibility.core (2.1)
      xunit.extensibility.execution (2.1)
    xunit.extensibility.core (2.1)
      xunit.abstractions (2.0)
    xunit.extensibility.execution (2.1)
      xunit.extensibility.core (2.1)
    xunit.runner.console (2.1)
    xunit.runner.visualstudio (2.1.0) - version_in_path: true
    xunit.runners (2.0)
