RESTRICTION: >= net46
NUGET
  remote: https://www.nuget.org/api/v2
    ApprovalTests (3.0.13)
      ApprovalUtilities (>= 3.0.13)
    ApprovalUtilities (3.0.13)
    FAKE (4.63.2)
    FluentAssertions (4.19.4)
    xunit (2.2)
      xunit.assert (2.2)
      xunit.core (2.2)
    xunit.abstractions (2.0.1)
    xunit.assert (2.2)
    xunit.core (2.2)
      xunit.extensibility.core (2.2)
      xunit.extensibility.execution (2.2)
    xunit.extensibility.core (2.2)
      xunit.abstractions (>= 2.0.1)
    xunit.extensibility.execution (2.2)
      xunit.extensibility.core (2.2)
    xunit.runner.console (2.2)
    xunit.runner.visualstudio (2.2.0) - version_in_path: true
    xunit.runners (2.0)
